NUGET
  remote: https://www.nuget.org/api/v2
    taglib (2.1)
